PATH
  remote: .
  specs:
    rdf-spec (0.3.7)
      rspec (>= 2.8.0)

PATH
  remote: ../rdf
  specs:
    rdf (0.3.7)
      addressable (>= 2.2.6)

GEM
  remote: http://rubygems.org/
  specs:
    addressable (2.3.2)
    diff-lcs (1.1.3)
    rspec (2.11.0)
      rspec-core (~> 2.11.0)
      rspec-expectations (~> 2.11.0)
      rspec-mocks (~> 2.11.0)
    rspec-core (2.11.1)
    rspec-expectations (2.11.2)
      diff-lcs (~> 1.1.3)
    rspec-mocks (2.11.2)
    wirble (0.1.3)
    yard (0.8.2.1)

PLATFORMS
  ruby

DEPENDENCIES
  rdf!
  rdf-spec!
  wirble
  yard (>= 0.7.5)
